GEM
  remote: https://rubygems.org/
  specs:
    addressable (2.8.6)
      public_suffix (>= 2.0.2, < 6.0)
    bigdecimal (3.1.6)
    crack (1.0.0)
      bigdecimal
      rexml
    hashdiff (1.1.0)
    httpclient (2.8.3)
    json (2.7.1)
    nokogiri (1.16.2-aarch64-linux)
      racc (~> 1.4)
    nokogiri (1.16.2-arm-linux)
      racc (~> 1.4)
    nokogiri (1.16.2-arm64-darwin)
      racc (~> 1.4)
    nokogiri (1.16.2-x86-linux)
      racc (~> 1.4)
    nokogiri (1.16.2-x86_64-darwin)
      racc (~> 1.4)
    nokogiri (1.16.2-x86_64-linux)
      racc (~> 1.4)
    power_assert (2.0.3)
    public_suffix (5.0.4)
    racc (1.7.3)
    rake (13.1.0)
    rexml (3.2.6)
    test-unit (3.6.2)
      power_assert
    webmock (3.22.0)
      addressable (>= 2.8.0)
      crack (>= 0.3.2)
      hashdiff (>= 0.4.0, < 2.0.0)

PLATFORMS
  aarch64-linux
  arm-linux
  arm64-darwin
  x86-linux
  x86_64-darwin
  x86_64-linux

DEPENDENCIES
  httpclient
  json
  nokogiri
  rake
  test-unit
  webmock

BUNDLED WITH
   2.5.6
