GEM
  remote: https://rubygems.org/
  specs:
    httpclient (2.8.3)
    json (2.7.1)
    nokogiri (1.16.2-aarch64-linux)
      racc (~> 1.4)
    nokogiri (1.16.2-arm-linux)
      racc (~> 1.4)
    nokogiri (1.16.2-arm64-darwin)
      racc (~> 1.4)
    nokogiri (1.16.2-x86-linux)
      racc (~> 1.4)
    nokogiri (1.16.2-x86_64-darwin)
      racc (~> 1.4)
    nokogiri (1.16.2-x86_64-linux)
      racc (~> 1.4)
    power_assert (2.0.3)
    racc (1.7.3)
    rake (13.1.0)
    test-unit (3.6.2)
      power_assert

PLATFORMS
  aarch64-linux
  arm-linux
  arm64-darwin
  x86-linux
  x86_64-darwin
  x86_64-linux

DEPENDENCIES
  httpclient
  json
  nokogiri
  rake
  test-unit

BUNDLED WITH
   2.5.6
